GEM
  remote: https://rubygems.org/
  specs:
    rubywarrior (0.1.3)
    zip (2.0.2)

PLATFORMS
  ruby

DEPENDENCIES
  rubywarrior
  zip

BUNDLED WITH
   1.16.4
